GEM
  remote: http://rubygems.org/
  specs:
    addressable (2.3.8)
    httparty (0.14.0)
      multi_xml (>= 0.5.2)
    json (1.8.6)
    mime-types (1.25.1)
    multi_xml (0.6.0)
    rack (1.6.5)
    rack-protection (1.5.3)
      rack
    rest-client (1.6.9)
      mime-types (~> 1.16)
    sinatra (1.4.8)
      rack (~> 1.5)
      rack-protection (~> 1.4)
      tilt (>= 1.3, < 3)
    tilt (2.0.7)
    unirest (1.1.2)
      addressable (~> 2.3.5)
      json (~> 1.8.1)
      rest-client (~> 1.6.7)

PLATFORMS
  ruby

DEPENDENCIES
  httparty (= 0.14.0)
  sinatra
  unirest (= 1.1.2)

BUNDLED WITH
   1.14.6
